GEM
  remote: http://rubygems.org/
  remote: http://gemcutter.org/
  specs:
    activesupport (3.0.1)
    crack (0.1.8)
    daemons (1.1.0)
    gmail (0.3.4)
      mail (>= 2.2.1)
      mime (>= 0.1)
    hashie (0.4.0)
    httparty (0.6.1)
      crack (= 0.1.8)
    i18n (0.4.1)
    mail (2.2.7)
      activesupport (>= 2.3.6)
      mime-types
      treetop (>= 1.4.5)
    mime (0.1)
    mime-types (1.16)
    multi_json (0.0.4)
    oauth (0.4.3)
    polyglot (0.3.1)
    pony (1.0.1)
      mail (> 2.0)
    rufus-scheduler (2.0.6)
    treetop (1.4.8)
      polyglot (>= 0.3.1)
    twitter (0.9.12)
      hashie (~> 0.4.0)
      httparty (~> 0.6.1)
      multi_json (~> 0.0.4)
      oauth (~> 0.4.3)

PLATFORMS
  ruby

DEPENDENCIES
  daemons
  gmail
  i18n
  pony
  rufus-scheduler
  twitter
